GEM
  remote: https://rubygems.org/
  specs:
    connection_pool (2.5.3)
    logger (1.7.0)
    nio4r (2.7.4)
    puma (6.6.0)
      nio4r (~> 2.0)
    rack (3.1.15)
    rack-cors (3.0.0)
      logger
      rack (>= 3.0.14)
    rackup (2.2.1)
      rack (>= 3)
    redis (5.4.0)
      redis-client (>= 0.22.0)
    redis-client (0.24.0)
      connection_pool
    roda (3.92.0)
      rack

PLATFORMS
  ruby
  x86_64-linux

DEPENDENCIES
  puma (~> 6.6)
  rack (~> 3.1)
  rack-cors (~> 3.0)
  rackup (~> 2.2)
  redis (~> 5.4)
  roda (~> 3.92)

BUNDLED WITH
   2.5.9
